PATH
  remote: .
  specs:
    kuberun (0.4.0)
      pastel (~> 0.8.0)
      thor (~> 1.2.1)
      tty-command (~> 0.10.1)
      tty-cursor (~> 0.7.1)
      tty-editor (~> 0.7.0)
      tty-file (~> 0.10.0)
      tty-pager (~> 0.14.0)
      tty-platform (~> 0.3.0)
      tty-prompt (~> 0.23.1)
      tty-screen (~> 0.8.1)
      tty-which (~> 0.5.0)

GEM
  remote: https://rubygems.org/
  specs:
    ast (2.4.2)
    diff-lcs (1.5.0)
    jaro_winkler (1.5.4)
    parallel (1.22.1)
    parser (3.1.2.1)
      ast (~> 2.4.1)
    pastel (0.8.0)
      tty-color (~> 0.5)
    powerpack (0.1.3)
    rainbow (3.1.1)
    rake (10.5.0)
    rspec (3.11.0)
      rspec-core (~> 3.11.0)
      rspec-expectations (~> 3.11.0)
      rspec-mocks (~> 3.11.0)
    rspec-core (3.11.0)
      rspec-support (~> 3.11.0)
    rspec-expectations (3.11.0)
      diff-lcs (>= 1.2.0, < 2.0)
      rspec-support (~> 3.11.0)
    rspec-mocks (3.11.1)
      diff-lcs (>= 1.2.0, < 2.0)
      rspec-support (~> 3.11.0)
    rspec-support (3.11.0)
    rubocop (0.58.2)
      jaro_winkler (~> 1.5.1)
      parallel (~> 1.10)
      parser (>= 2.5, != 2.5.1.1)
      powerpack (~> 0.1)
      rainbow (>= 2.2.2, < 4.0)
      ruby-progressbar (~> 1.7)
      unicode-display_width (~> 1.0, >= 1.0.1)
    ruby-progressbar (1.11.0)
    strings (0.2.1)
      strings-ansi (~> 0.2)
      unicode-display_width (>= 1.5, < 3.0)
      unicode_utils (~> 1.4)
    strings-ansi (0.2.0)
    thor (1.2.1)
    tty-color (0.6.0)
    tty-command (0.10.1)
      pastel (~> 0.8)
    tty-cursor (0.7.1)
    tty-editor (0.7.0)
      tty-prompt (~> 0.22)
    tty-file (0.10.0)
      diff-lcs (~> 1.3)
      pastel (~> 0.8)
      tty-prompt (~> 0.22)
    tty-pager (0.14.0)
      strings (~> 0.2.0)
      tty-screen (~> 0.8)
    tty-platform (0.3.0)
    tty-prompt (0.23.1)
      pastel (~> 0.8)
      tty-reader (~> 0.8)
    tty-reader (0.9.0)
      tty-cursor (~> 0.7)
      tty-screen (~> 0.8)
      wisper (~> 2.0)
    tty-screen (0.8.1)
    tty-which (0.5.0)
    unicode-display_width (1.8.0)
    unicode_utils (1.4.0)
    wisper (2.0.1)

PLATFORMS
  ruby

DEPENDENCIES
  bundler (~> 2)
  kuberun!
  rake (~> 10.0)
  rspec (~> 3.0)
  rubocop (~> 0.58.0)

BUNDLED WITH
   2.3.19
